GEM
  remote: https://rubygems.org/
  specs:
    diff-lcs (1.5.0)
    nokogiri (1.14.3-arm64-darwin)
      racc (~> 1.4)
    racc (1.6.2)
    rack (2.2.6.4)
    rspec (3.12.0)
      rspec-core (~> 3.12.0)
      rspec-expectations (~> 3.12.0)
      rspec-mocks (~> 3.12.0)
    rspec-core (3.12.1)
      rspec-support (~> 3.12.0)
    rspec-expectations (3.12.2)
      diff-lcs (>= 1.2.0, < 2.0)
      rspec-support (~> 3.12.0)
    rspec-mocks (3.12.5)
      diff-lcs (>= 1.2.0, < 2.0)
      rspec-support (~> 3.12.0)
    rspec-support (3.12.0)
    titleize (1.4.1)

PLATFORMS
  arm64-darwin-22

DEPENDENCIES
  nokogiri
  rack (~> 2.2.4)
  rspec
  titleize

BUNDLED WITH
   2.4.12
